GEM
  remote: http://rubygems.org/
  specs:
    rack (1.4.0)
    rack-coffee (0.9.1)
      rack

PLATFORMS
  ruby

DEPENDENCIES
  rack
  rack-coffee
