GEM
  remote: http://rubygems.org/
  specs:
    coffee-script (2.2.0)
      coffee-script-source
      execjs
    coffee-script-source (1.2.0)
    daemons (1.1.5)
    eventmachine (0.12.10)
    execjs (1.2.13)
      multi_json (~> 1.0)
    libv8 (3.3.10.4)
    multi_json (1.0.4)
    newrelic_rpm (3.4.1)
    rack (1.4.0)
    rack-asset-compiler (0.2.1)
      rack
    therubyracer (0.9.9)
      libv8 (~> 3.3.10)
    thin (1.3.1)
      daemons (>= 1.0.9)
      eventmachine (>= 0.12.6)
      rack (>= 1.0.0)

PLATFORMS
  ruby

DEPENDENCIES
  coffee-script
  newrelic_rpm
  rack
  rack-asset-compiler
  therubyracer
  thin
