GEM
  remote: http://rubygems.org/
  specs:
    coffee-script (2.2.0)
      coffee-script-source
      execjs
    coffee-script-source (1.4.0)
    daemons (1.1.9)
    eventmachine (1.0.0)
    execjs (1.4.0)
      multi_json (~> 1.0)
    libv8 (3.11.8.13)
    multi_json (1.5.0)
    newrelic_rpm (3.5.5.38)
    rack (1.4.3)
    rack-asset-compiler (0.2.1)
      rack
    ref (1.0.2)
    therubyracer (0.11.1)
      libv8 (~> 3.11.8.7)
      ref
    thin (1.5.0)
      daemons (>= 1.0.9)
      eventmachine (>= 0.12.6)
      rack (>= 1.0.0)

PLATFORMS
  ruby

DEPENDENCIES
  coffee-script
  newrelic_rpm
  rack
  rack-asset-compiler
  therubyracer
  thin
